PATH
  remote: .
  specs:
    rake_migration (0.1.0)

GEM
  remote: https://rubygems.org/
  specs:
    rake (12.3.3)

PLATFORMS
  ruby

DEPENDENCIES
  rake (~> 12.3)
  rake_migration!

BUNDLED WITH
   1.17.3
